GEM
  remote: https://rubygems.org/
  specs:
    htmlbeautifier (1.1.1)
    polyglot (0.3.5)
    power_assert (0.3.1)
    test-unit (3.2.1)
      power_assert
    thor (0.19.1)
    treetop (1.6.8)
      polyglot (~> 0.3)

PLATFORMS
  ruby

DEPENDENCIES
  htmlbeautifier (~> 1.1, >= 1.1.1)
  test-unit
  thor
  treetop

BUNDLED WITH
   1.11.2
