GEM
  remote: https://rubygems.org/
  specs:
    ast (2.3.0)
    htmlbeautifier (1.1.1)
    parser (2.3.2.0)
      ast (~> 2.2)
    polyglot (0.3.5)
    power_assert (0.3.1)
    powerpack (0.1.1)
    rainbow (2.1.0)
    rake (10.4.2)
    rubocop (0.45.0)
      parser (>= 2.3.1.1, < 3.0)
      powerpack (~> 0.1)
      rainbow (>= 1.99.1, < 3.0)
      ruby-progressbar (~> 1.7)
      unicode-display_width (~> 1.0, >= 1.0.1)
    ruby-progressbar (1.8.1)
    test-unit (3.2.1)
      power_assert
    thor (0.19.1)
    treetop (1.6.8)
      polyglot (~> 0.3)
    unicode-display_width (1.1.1)

PLATFORMS
  ruby

DEPENDENCIES
  htmlbeautifier (~> 1.1, >= 1.1.1)
  rake
  rubocop
  test-unit
  thor
  treetop

BUNDLED WITH
   1.11.2
